GEM
  remote: https://rubygems.org/
  specs:
    anemone (0.7.2)
      nokogiri (>= 1.3.0)
      robotex (>= 1.0.0)
    mini_portile (0.6.0)
    nokogiri (1.6.2.1)
      mini_portile (= 0.6.0)
    robotex (1.0.0)
    thor (0.19.1)

PLATFORMS
  ruby

DEPENDENCIES
  anemone
  thor
